PATH
  remote: .
  specs:
    alchemy-hq (0.0.0)
      amqp (>= 0.9.8)
      hq-logger (>= 0.0.1)
      json_pure (>= 1.7.7)
      libxml-ruby
      multi_json
      net-dns (>= 0.7.1)
      rake (>= 10.0.3)
      sys-filesystem

GEM
  remote: https://rubygems.org/
  specs:
    amq-client (1.0.2)
      amq-protocol (>= 1.2.0)
      eventmachine
    amq-protocol (1.4.0)
    amqp (1.0.2)
      amq-client (~> 1.0.2)
      amq-protocol (>= 1.3.0)
      eventmachine
    builder (3.2.0)
    cucumber (1.2.5)
      builder (>= 2.1.2)
      diff-lcs (>= 1.1.3)
      gherkin (~> 2.11.7)
      multi_json (~> 1.3)
    diff-lcs (1.2.3)
    em-websocket (0.5.0)
      eventmachine (>= 0.12.9)
      http_parser.rb (~> 0.5.3)
    eventmachine (1.0.3)
    ffi (1.8.1)
    gherkin (2.11.8)
      multi_json (~> 1.3)
    hq-logger (0.0.1)
      hq-tools (>= 0.6.0)
    hq-tools (0.6.0)
    http_parser.rb (0.5.3)
    json_pure (1.7.7)
    librrd (1.0.3)
    libxml-ruby (2.6.0)
    multi_json (1.7.2)
    net-dns (0.7.1)
    rake (10.0.4)
    rspec (2.13.0)
      rspec-core (~> 2.13.0)
      rspec-expectations (~> 2.13.0)
      rspec-mocks (~> 2.13.0)
    rspec-core (2.13.1)
    rspec-expectations (2.13.0)
      diff-lcs (>= 1.1.3, < 2.0)
    rspec-mocks (2.13.1)
    rspec_junit_formatter (0.1.6)
      builder
      rspec (~> 2.0)
      rspec-core (!= 2.12.0)
    simplecov (0.7.1)
      multi_json (~> 1.0)
      simplecov-html (~> 0.7.1)
    simplecov-html (0.7.1)
    sys-filesystem (1.1.0)
      ffi

PLATFORMS
  ruby

DEPENDENCIES
  alchemy-hq!
  cucumber (>= 1.2.1)
  em-websocket
  librrd
  rspec (>= 2.12.0)
  rspec_junit_formatter
  simplecov
