PATH
  remote: .
  specs:
    alchemy-hq (0.0.0)
      cucumber (>= 1.2.1)
      json (>= 1.7.7)
      librrd
      libxml-ruby
      multi_json
      rake (>= 10.0.3)
      rspec (>= 2.12.0)
      rspec_junit_formatter

GEM
  remote: https://rubygems.org/
  specs:
    builder (3.1.4)
    cucumber (1.2.1)
      builder (>= 2.1.2)
      diff-lcs (>= 1.1.3)
      gherkin (~> 2.11.0)
      json (>= 1.4.6)
    diff-lcs (1.1.3)
    gherkin (2.11.6)
      json (>= 1.7.6)
    json (1.7.7)
    librrd (1.0.3)
    libxml-ruby (2.5.0)
    multi_json (1.6.0)
    rake (10.0.3)
    rspec (2.12.0)
      rspec-core (~> 2.12.0)
      rspec-expectations (~> 2.12.0)
      rspec-mocks (~> 2.12.0)
    rspec-core (2.12.2)
    rspec-expectations (2.12.1)
      diff-lcs (~> 1.1.3)
    rspec-mocks (2.12.2)
    rspec_junit_formatter (0.1.6)
      builder
      rspec (~> 2.0)
      rspec-core (!= 2.12.0)

PLATFORMS
  ruby

DEPENDENCIES
  alchemy-hq!
