PATH
  remote: .
  specs:
    alchemy-hq (0.0.0)
      amqp (>= 0.9.8)
      json_pure (>= 1.7.7)
      libxml-ruby
      multi_json
      net-dns (>= 0.7.1)
      rake (>= 10.0.3)
      sys-filesystem

GEM
  remote: https://rubygems.org/
  specs:
    amq-client (1.0.0)
      amq-protocol (>= 1.2.0)
      eventmachine
    amq-protocol (1.2.0)
    amqp (1.0.0)
      amq-client (~> 1.0.0)
      amq-protocol (~> 1.2.0)
      eventmachine
    builder (3.1.4)
    cucumber (1.2.1)
      builder (>= 2.1.2)
      diff-lcs (>= 1.1.3)
      gherkin (~> 2.11.0)
      json (>= 1.4.6)
    diff-lcs (1.1.3)
    em-websocket (0.4.0)
      eventmachine (>= 0.12.9)
      http_parser.rb (~> 0.5.3)
    eventmachine (1.0.0)
    ffi (1.5.0)
    gherkin (2.11.6)
      json (>= 1.7.6)
    http_parser.rb (0.5.3)
    json (1.7.7)
    json_pure (1.7.7)
    librrd (1.0.3)
    libxml-ruby (2.6.0)
    multi_json (1.6.1)
    net-dns (0.7.1)
    rake (10.0.3)
    rspec (2.12.0)
      rspec-core (~> 2.12.0)
      rspec-expectations (~> 2.12.0)
      rspec-mocks (~> 2.12.0)
    rspec-core (2.12.2)
    rspec-expectations (2.12.1)
      diff-lcs (~> 1.1.3)
    rspec-mocks (2.12.2)
    rspec_junit_formatter (0.1.6)
      builder
      rspec (~> 2.0)
      rspec-core (!= 2.12.0)
    simplecov (0.7.1)
      multi_json (~> 1.0)
      simplecov-html (~> 0.7.1)
    simplecov-html (0.7.1)
    sys-filesystem (1.1.0)
      ffi

PLATFORMS
  ruby

DEPENDENCIES
  alchemy-hq!
  cucumber (>= 1.2.1)
  em-websocket
  librrd
  rspec (>= 2.12.0)
  rspec_junit_formatter
  simplecov
